GEM
  remote: https://rubygems.org/
  specs:
    builder (3.2.2)
    childprocess (0.5.6)
      ffi (~> 1.0, >= 1.0.11)
    cucumber (1.3.2)
      builder (>= 2.1.2)
      diff-lcs (>= 1.1.3)
      gherkin (~> 2.12.0)
      multi_json (~> 1.3)
    diff-lcs (1.2.5)
    ffi (1.9.10-x86-mingw32)
    gherkin (2.12.2-x86-mingw32)
      multi_json (~> 1.3)
    multi_json (1.11.2)
    parallel (1.6.1)
    parallel_tests (1.3.7)
      parallel
    rake (10.1.0)
    rubyzip (1.1.7)
    selenium-webdriver (2.48.0)
      childprocess (~> 0.5)
      multi_json (~> 1.0)
      rubyzip (~> 1.0)
      websocket (~> 1.0)
    websocket (1.2.2)

PLATFORMS
  x86-mingw32

DEPENDENCIES
  cucumber (= 1.3.2)
  parallel_tests (= 1.3.7)
  rake (= 10.1.0)
  selenium-webdriver (= 2.48.0)

BUNDLED WITH
   1.11.2
